PATH
  remote: .
  specs:
    overt (0.0.1)
      async
      formatador
      kramdown
      thor
      tilt
      zeitwerk

GEM
  remote: https://rubygems.org/
  specs:
    ast (2.4.2)
    async (2.3.1)
      console (~> 1.10)
      io-event (~> 1.1)
      timers (~> 4.1)
    coderay (1.1.3)
    console (1.16.2)
      fiber-local
    fiber-local (1.0.0)
    formatador (1.1.0)
    io-event (1.1.4)
    json (2.6.2)
    kramdown (2.4.0)
      rexml
    method_source (1.0.0)
    minitest (5.16.3)
    parallel (1.22.1)
    parser (3.1.2.1)
      ast (~> 2.4.1)
    pry (0.14.1)
      coderay (~> 1.1)
      method_source (~> 1.0)
    rainbow (3.1.1)
    rake (13.0.6)
    regexp_parser (2.6.0)
    rexml (3.2.5)
    rubocop (1.37.1)
      json (~> 2.3)
      parallel (~> 1.10)
      parser (>= 3.1.2.1)
      rainbow (>= 2.2.2, < 4.0)
      regexp_parser (>= 1.8, < 3.0)
      rexml (>= 3.2.5, < 4.0)
      rubocop-ast (>= 1.23.0, < 2.0)
      ruby-progressbar (~> 1.7)
      unicode-display_width (>= 1.4.0, < 3.0)
    rubocop-ast (1.23.0)
      parser (>= 3.1.1.0)
    rubocop-minitest (0.23.0)
      rubocop (>= 0.90, < 2.0)
    rubocop-rake (0.6.0)
      rubocop (~> 1.0)
    ruby-progressbar (1.11.0)
    thor (1.2.1)
    tilt (2.0.11)
    timers (4.3.5)
    unicode-display_width (2.3.0)
    webrick (1.7.0)
    yard (0.9.28)
      webrick (~> 1.7.0)
    zeitwerk (2.6.6)

PLATFORMS
  arm64-darwin-21
  x86_64-linux

DEPENDENCIES
  bundler (~> 2.0)
  minitest (~> 5.11)
  overt!
  pry
  rake (~> 13.0)
  rubocop
  rubocop-minitest
  rubocop-rake
  yard (~> 0.9)

RUBY VERSION
   ruby 3.1.2p20

BUNDLED WITH
   2.3.13
